GIT
  remote: https://github.com/NREL/capistrano_nrel_ext.git
  revision: 0b8b3fbf1bcd8bbb84b06592bfb10e4985875af6
  specs:
    capistrano_nrel_ext (0.3.0)
      artii
      capistrano
      chronic (>= 0.6.0)
      diffy
      erubis (>= 2.6.0)
      highline
      net-ssh (~> 2.4.0)
      tzinfo (>= 0.3.0)

GEM
  remote: http://rubygems.org/
  specs:
    artii (2.0.3)
    atomic (1.1.14)
    atomic (1.1.14-java)
    capistrano (2.15.5)
      highline
      net-scp (>= 1.0.0)
      net-sftp (>= 2.0.0)
      net-ssh (>= 2.0.14)
      net-ssh-gateway (>= 1.1.0)
    capistrano-ext (1.2.1)
      capistrano (>= 1.0.0)
    chronic (0.10.2)
    diffy (3.0.1)
    erubis (2.7.0)
    highline (1.6.20)
    jruby-pageant (1.1.1)
    jruby-pageant (1.1.1-java)
    net-scp (1.0.4)
      net-ssh (>= 1.99.1)
    net-sftp (2.0.5)
      net-ssh (>= 2.0.9)
    net-ssh (2.4.0)
      jruby-pageant (>= 1.0.2)
    net-ssh-gateway (1.1.0)
      net-ssh (>= 1.99.1)
    thread_safe (0.1.3)
      atomic
    thread_safe (0.1.3-java)
      atomic
    tzinfo (1.1.0)
      thread_safe (~> 0.1)

PLATFORMS
  java
  ruby

DEPENDENCIES
  capistrano (~> 2.15.5)
  capistrano-ext
  capistrano_nrel_ext!
